PATH
  remote: .
  specs:
    houston (2.0.0)
      commander (~> 4.1)
      json

GEM
  remote: https://rubygems.org/
  specs:
    commander (4.1.5)
      highline (~> 1.6.11)
    highline (1.6.19)
    json (1.8.1)
    multi_json (1.8.0)
    rake (0.9.6)
    rspec (0.9.4)
    simplecov (0.7.1)
      multi_json (~> 1.0)
      simplecov-html (~> 0.7.1)
    simplecov-html (0.7.1)

PLATFORMS
  ruby

DEPENDENCIES
  houston!
  rake
  rspec
  simplecov
